GEM
  remote: http://rubygems.org/
  specs:
    ansi (1.4.3)
    bones (3.8.0)
      little-plugger (~> 1.1.3)
      loquacious (~> 1.9.1)
      rake (>= 0.8.7)
    bson (1.8.5)
    bson_ext (1.8.5)
      bson (~> 1.8.5)
    builder (3.2.0)
    float-formats (0.2.0)
      bones (>= 2.1.1)
      flt (>= 1.0.0)
      flt (>= 1.0.0)
      nio (>= 0.2.0)
      nio (>= 0.2.4)
    flt (1.3.0)
    hashie (2.0.4)
    json (1.7.7)
    little-plugger (1.1.3)
    loquacious (1.9.1)
    minitest (4.7.4)
    minitest-reporters (0.14.18)
      ansi
      builder
      minitest (>= 2.12, < 5.0)
      powerbar
    mongo (1.8.5)
      bson (~> 1.8.5)
    nio (0.2.5)
      flt (>= 1.0.0)
    powerbar (1.0.11)
      ansi (~> 1.4.0)
      hashie (>= 1.1.0)
    rack (1.5.2)
    rack-test (0.6.2)
      rack (>= 1.0)
    rake (10.0.4)
    sinatra (1.1.0)
      rack (~> 1.1)
      tilt (~> 1.1)
    tilt (1.3.7)

PLATFORMS
  ruby

DEPENDENCIES
  bson_ext
  float-formats
  json
  minitest-reporters
  mongo
  rack-test
  sinatra (= 1.1.0)
