GEM
  remote: http://rubygems.org/
  specs:
    bson (1.8.5)
    bson_ext (1.8.5)
      bson (~> 1.8.5)
    mongo (1.8.5)
      bson (~> 1.8.5)
    rack (1.5.2)
    sinatra (1.1.0)
      rack (~> 1.1)
      tilt (~> 1.1)
    tilt (1.3.7)

PLATFORMS
  ruby

DEPENDENCIES
  bson_ext
  mongo
  sinatra (= 1.1.0)
